PATH
  remote: .
  specs:
    cassandra-utils (0.2.4)
      daemon_runner (~> 0.2)
      dogstatsd-ruby (~> 1.6)
      mixlib-shellout (~> 2.2)
      thor (~> 0.19)

GEM
  remote: https://rubygems.org/
  specs:
    daemon_runner (0.2.2)
      logging (~> 2.1)
      mixlib-shellout (~> 2.2)
    dogstatsd-ruby (1.6.0)
    little-plugger (1.1.4)
    logging (2.1.0)
      little-plugger (~> 1.1)
      multi_json (~> 1.10)
    minitest (5.9.0)
    mixlib-shellout (2.2.7)
    multi_json (1.12.1)
    rake (10.5.0)
    thor (0.19.1)
    thor-scmversion (1.7.0)
      mixlib-shellout
      thor

PLATFORMS
  ruby

DEPENDENCIES
  bundler (~> 1.7)
  cassandra-utils!
  minitest (~> 5.0)
  rake (~> 10.0)
  thor-scmversion (= 1.7.0)

BUNDLED WITH
   1.12.5
