PATH
  remote: ../daemon_runner
  specs:
    daemon_runner (0.1.0)
      logging

PATH
  remote: .
  specs:
    cassandra-utils (0.1.0)
      dogstatsd-ruby (~> 1.6)
      mixlib-shellout (~> 2.2)
      thor (~> 0.19)

GEM
  remote: https://rubygems.org/
  specs:
    dogstatsd-ruby (1.6.0)
    little-plugger (1.1.4)
    logging (2.1.0)
      little-plugger (~> 1.1)
      multi_json (~> 1.10)
    minitest (5.9.0)
    mixlib-shellout (2.2.7)
    multi_json (1.12.1)
    rake (10.5.0)
    thor (0.19.1)

PLATFORMS
  ruby

DEPENDENCIES
  bundler (~> 1.12)
  cassandra-utils!
  daemon_runner!
  minitest (~> 5.0)
  rake (~> 10.0)

BUNDLED WITH
   1.12.5
